GEM
  remote: https://rubygems.org/
  remote: https://gem.fury.io/eventide/
  specs:
    async_invocation (0.1.0.1)
    attribute (0.1.3.1)
    aws-sdk (2.7.3)
      aws-sdk-resources (= 2.7.3)
    aws-sdk-core (2.7.3)
      aws-sigv4 (~> 1.0)
      jmespath (~> 1.0)
    aws-sdk-resources (2.7.3)
      aws-sdk-core (= 2.7.3)
    aws-sigv4 (1.0.0)
    casing (0.2.0.0)
    clock (0.4.0.2)
      naught
      tzinfo
    collection (0.4.1.1)
    configure (0.1.2.0)
    confstruct (1.0.2)
      hashie (~> 3.3)
    cycle (0.2.0.0)
      clock
      initializer
      log
      telemetry
    dependency (0.1.0.0)
      subst_attr
    entity_cache (0.11.1.0)
      clock
      configure
      identifier-uuid
      log
      settings
      telemetry
      virtual
    entity_projection (0.1.0.1)
      messaging
    entity_store (0.3.2.0)
      entity_cache
      entity_projection
    event_source (0.16.0.0)
      async_invocation
      casing
      cycle
      identifier-uuid
      initializer
      schema
      transform
      virtual
    event_source-postgres (0.10.0.0)
      cycle
      event_source
      log
      pg
      settings
    eventide-postgres (0.1.0.0)
      entity_store
      messaging-postgres
    hashie (3.5.1)
    identifier-uuid (0.1.1.1)
      naught
    initializer (0.1.0.0)
      attribute
    io-console (0.4.5)
    jmespath (1.3.1)
    json (2.0.3)
    log (0.4.3.2)
      clock
      dependency
      initializer
      rainbow
      telemetry
    messaging (0.7.1.0)
      event_source
    messaging-postgres (0.4.0.0)
      event_source-postgres
      messaging
    minitest (5.10.1)
    naught (1.1.0)
    net-telnet (0.1.1)
    pg (0.19.0)
    power_assert (1.0.1)
    psych (2.2.2)
    rainbow (2.2.1)
    rake (12.0.0)
    rdoc (5.0.0)
    schema (0.6.0.2)
      attribute
      set_attributes
      validate
      virtual
    set_attributes (0.1.1.1)
      telemetry-logger
    settings (0.2.0.3)
      casing
      confstruct
      log
    subst_attr (0.1.0.0)
      attribute
      naught
    telemetry (0.3.0.0)
      clock
      dependency
    telemetry-logger (0.5.1.2)
      clock
      dependency
      rainbow
    test-unit (3.2.3)
      power_assert
    test_bench (1.3.2)
    thor (0.19.4)
    thread_safe (0.3.5)
    transform (0.1.1.3)
      log
    tzinfo (1.2.2)
      thread_safe (~> 0.1)
    validate (0.3.1.3)
    virtual (0.1.0.0)

PLATFORMS
  ruby

DEPENDENCIES
  async_invocation!
  attribute!
  aws-sdk!
  casing!
  clock!
  collection!
  configure!
  confstruct!
  cycle!
  dependency!
  entity_cache!
  entity_projection!
  entity_store!
  event_source!
  event_source-postgres!
  eventide-postgres!
  hashie!
  identifier-uuid!
  initializer!
  io-console (= 0.4.5)!
  json!
  log!
  messaging!
  messaging-postgres!
  minitest!
  naught!
  net-telnet!
  pg!
  power_assert!
  psych!
  rainbow!
  rake!
  rdoc!
  schema!
  set_attributes!
  settings!
  subst_attr!
  telemetry!
  telemetry-logger!
  test-unit!
  test_bench!
  thor!
  thread_safe!
  transform!
  tzinfo!
  validate!
  virtual!

BUNDLED WITH
   1.13.7
